GEM
  remote: https://rubygems.org/
  specs:
    mysql2 (0.5.5)

PLATFORMS
  x86_64-darwin-20

DEPENDENCIES
  mysql2

RUBY VERSION
   ruby 3.1.4p223

BUNDLED WITH
   2.4.14
